GEM
  remote: http://rubygems.org/
  specs:
    eventmachine (1.0.9)
    ffi (1.11.1)
    ffi-pcap (0.2.1)
      ffi (~> 1.0)
      ffi_dry (~> 0.1.12)
    ffi_dry (0.1.12)
      ffi (>= 0.5.0)
    pi_piper (2.0.0)
      eventmachine (= 1.0.9)
      ffi
    piface (0.4.1)
      ffi (~> 1.7)

PLATFORMS
  ruby

DEPENDENCIES
  ffi-pcap
  pi_piper
  piface

BUNDLED WITH
   1.12.5
